GEM
  remote: http://rubygems.org/
  specs:
    git (1.2.5)
    jeweler (1.8.3)
      bundler (~> 1.0)
      git (>= 1.2.5)
      rake
      rdoc
    json (1.6.5)
    massive_sitemap (2.0.0.rc4)
    metaclass (0.0.1)
    mocha (0.10.4)
      metaclass (~> 0.0.1)
    nokogiri (1.5.0)
    rake (0.9.2.2)
    rdoc (3.12)
      json (~> 1.4)
    shoulda (2.11.3)

PLATFORMS
  ruby

DEPENDENCIES
  jeweler
  massive_sitemap
  mocha
  nokogiri
  rake
  rdoc
  shoulda
