PATH
  remote: .
  specs:
    big_sitemap (1.0.0)

GEM
  remote: http://rubygems.org/
  specs:
    diff-lcs (1.1.3)
    mocha (0.9.10)
      rake
    nokogiri (1.4.4)
    rake (0.8.7)
    rspec (2.7.0)
      rspec-core (~> 2.7.0)
      rspec-expectations (~> 2.7.0)
      rspec-mocks (~> 2.7.0)
    rspec-core (2.7.1)
    rspec-expectations (2.7.0)
      diff-lcs (~> 1.1.2)
    rspec-mocks (2.7.0)
    shoulda (2.11.3)

PLATFORMS
  ruby

DEPENDENCIES
  big_sitemap!
  bundler
  mocha
  nokogiri
  rspec
  shoulda
